GEM
  remote: https://rubygems.org/
  specs:
    combine_pdf (1.0.21)
      ruby-rc4 (>= 0.1.5)
    grover (0.14.1)
      combine_pdf (~> 1.0)
      nokogiri (~> 1.0)
    mini_portile2 (2.5.0)
    nokogiri (1.11.1)
      mini_portile2 (~> 2.5.0)
      racc (~> 1.4)
    racc (1.5.2)
    ruby-rc4 (0.1.5)

PLATFORMS
  ruby

DEPENDENCIES
  grover

BUNDLED WITH
   2.1.4
